GEM
  remote: https://rubygems.org/
  specs:
    em-hiredis (0.1.1)
      hiredis (~> 0.4.0)
    em-websocket (0.4.0)
      eventmachine (>= 0.12.9)
      http_parser.rb (~> 0.5.3)
    eventmachine (1.0.0)
    hiredis (0.4.5)
    http_parser.rb (0.5.3)

PLATFORMS
  ruby

DEPENDENCIES
  em-hiredis
  em-websocket
