GIT
  remote: https://github.com/davetroy/geohash.git
  revision: 03d655d5bf92554a1bf0b77f40190425dca24d91
  specs:
    geohash (1.1.1)

GEM
  remote: https://rubygems.org/
  specs:
    activesupport (3.2.12)
      i18n (~> 0.6)
      multi_json (~> 1.0)
    cartodb-rb-client (0.4.3)
      activesupport (>= 3.0.0)
      i18n (>= 0.5.0, <= 0.6.0)
      json (>= 1.5.3)
      mime-types (>= 1.16)
      oauth (= 0.4.5)
      pg (>= 0.11.0, <= 0.13.2)
      rgeo (>= 0.3.2)
      rgeo-geojson (>= 0.2.1)
      typhoeus (= 0.3.3)
    coderay (1.0.9)
    csquares (0.1.0)
    geocoder (1.1.6)
    geokit (1.6.5)
      multi_json
    httparty (0.10.2)
      multi_json (~> 1.0)
      multi_xml (>= 0.5.2)
    i18n (0.6.0)
    json (1.7.7)
    method_source (0.8.1)
    mime-types (1.21)
    minitest-spec-context (0.0.3)
    multi_json (1.6.1)
    multi_xml (0.5.3)
    oauth (0.4.5)
    pg (0.13.2)
    pry (0.9.12)
      coderay (~> 1.0.5)
      method_source (~> 0.8)
      slop (~> 3.4)
    redis (3.0.2)
    rgeo (0.3.20)
    rgeo-geojson (0.2.3)
      rgeo (>= 0.3.7)
    rufus-mnemo (1.2.3)
    slop (3.4.3)
    streams (0.1.2)
    typhoeus (0.3.3)
      mime-types

PLATFORMS
  ruby

DEPENDENCIES
  cartodb-rb-client (~> 0.4.3)
  csquares (~> 0.1.0)
  geocoder (~> 1.1.6)
  geohash!
  geokit (~> 1.6.5)
  httparty (~> 0.10.2)
  minitest-spec-context
  pry (~> 0.9.12)
  redis (~> 3.0.2)
  rgeo (~> 0.3.20)
  rufus-mnemo (~> 1.2.3)
  streams (~> 0.1.2)
