GIT
  remote: https://github.com/davetroy/geohash.git
  revision: 03d655d5bf92554a1bf0b77f40190425dca24d91
  specs:
    geohash (1.1.1)

GEM
  remote: https://rubygems.org/
  specs:
    RedCloth (4.2.9)
    activesupport (2.3.17)
    coderay (1.0.6)
    csquares (0.1.0)
      hoe (>= 1.8.0)
      newgem (>= 1.2.1)
    geocoder (1.1.6)
    geokit (1.6.5)
      multi_json
    hoe (3.5.0)
      rake (>= 0.8, < 11.0)
    method_source (0.8.1)
    minitest-spec-context (0.0.3)
    multi_json (1.6.1)
    newgem (1.5.3)
      RedCloth (>= 4.1.1)
      activesupport (~> 2.3.4)
      hoe (>= 2.4.0)
      rubigen (>= 1.5.3)
      syntax (>= 1.0.0)
    pry (0.9.12)
      coderay (~> 1.0.5)
      method_source (~> 0.8)
      slop (~> 3.4)
    rake (10.0.3)
    redis (3.0.2)
    rgeo (0.3.20)
    rubigen (1.5.8)
      activesupport (>= 2.3.5, < 3.2.0)
    slop (3.4.3)
    streams (0.1.2)
    syntax (1.0.0)

PLATFORMS
  ruby

DEPENDENCIES
  csquares (~> 0.1.0)
  geocoder (~> 1.1.6)
  geohash!
  geokit (~> 1.6.5)
  minitest-spec-context
  pry (~> 0.9.12)
  redis (~> 3.0.2)
  rgeo (~> 0.3.20)
  streams (~> 0.1.2)
