GIT
  remote: https://github.com/davetroy/geohash.git
  revision: 03d655d5bf92554a1bf0b77f40190425dca24d91
  specs:
    geohash (1.1.1)

PATH
  remote: .
  specs:
    siblings (0.0.1)
      addressable (~> 2.3.3)
      cartodb-rb-client (~> 0.4.3)
      celluloid (~> 0.12.4)
      cocaine (~> 0.5.1)
      csquares (~> 0.1.0)
      geocoder (~> 1.1.6)
      geokit (~> 1.6.5)
      httparty (~> 0.10.2)
      pry (~> 0.9.12)
      quimby (~> 0.4.5)
      redis (~> 3.0.2)
      rgeo (~> 0.3.20)
      rufus-mnemo (~> 1.2.3)
      streams (~> 0.1.2)
      streams (~> 0.1.2)

GEM
  remote: https://rubygems.org/
  specs:
    activesupport (3.2.12)
      i18n (~> 0.6)
      multi_json (~> 1.0)
    addressable (2.3.3)
    ansi (1.4.3)
    cartodb-rb-client (0.4.3)
      activesupport (>= 3.0.0)
      i18n (>= 0.5.0, <= 0.6.0)
      json (>= 1.5.3)
      mime-types (>= 1.16)
      oauth (= 0.4.5)
      pg (>= 0.11.0, <= 0.13.2)
      rgeo (>= 0.3.2)
      rgeo-geojson (>= 0.2.1)
      typhoeus (= 0.3.3)
    celluloid (0.12.4)
      facter (>= 1.6.12)
      timers (>= 1.0.0)
    climate_control (0.0.3)
      activesupport (>= 3.0)
    cocaine (0.5.1)
      climate_control (>= 0.0.3, < 1.0)
    coderay (1.0.9)
    csquares (0.1.0)
    facter (1.6.18)
    geocoder (1.1.6)
    geokit (1.6.5)
      multi_json
    httparty (0.10.2)
      multi_json (~> 1.0)
      multi_xml (>= 0.5.2)
    i18n (0.6.0)
    json (1.7.7)
    m (1.3.1)
      method_source (>= 0.6.7)
      rake (>= 0.9.2.2)
    method_source (0.8.1)
    mime-types (1.21)
    minitest (4.6.2)
    minitest-spec-context (0.0.3)
    multi_json (1.6.1)
    multi_xml (0.5.3)
    oauth (0.4.5)
    pg (0.13.2)
    pry (0.9.12)
      coderay (~> 1.0.5)
      method_source (~> 0.8)
      slop (~> 3.4)
    quimby (0.4.5)
      json
      typhoeus
    rake (10.0.3)
    redis (3.0.2)
    rgeo (0.3.20)
    rgeo-geojson (0.2.3)
      rgeo (>= 0.3.7)
    rufus-mnemo (1.2.3)
    slop (3.4.3)
    streams (0.1.2)
    timers (1.1.0)
    turn (0.9.6)
      ansi
    typhoeus (0.3.3)
      mime-types

PLATFORMS
  ruby

DEPENDENCIES
  geohash!
  m (~> 1.3.1)
  minitest (~> 4.6.2)
  minitest-spec-context (~> 0.0.3)
  pry (~> 0.9.12)
  siblings!
  turn (~> 0.9.6)
