GIT
  remote: https://github.com/davetroy/geohash.git
  revision: 03d655d5bf92554a1bf0b77f40190425dca24d91
  specs:
    geohash (1.1.1)

PATH
  remote: .
  specs:
    siblings (0.0.1)
      activerecord (~> 3.2.13)
      activesupport (~> 3.2.13)
      addressable (~> 2.3.3)
      celluloid (~> 0.12.4)
      cocaine (~> 0.5.1)
      csquares (~> 0.1.0)
      edr (~> 0.0.5)
      geocoder (~> 1.1.6)
      geokit (~> 1.6.5)
      httparty (~> 0.10.2)
      mysql2 (~> 0.3.11)
      pry (~> 0.9.12)
      quimby (~> 0.4.5)
      redis (~> 3.0.2)
      rgeo (~> 0.3.20)
      rufus-mnemo (~> 1.2.3)
      standalone_migrations (~> 2.0.6)
      streams (~> 0.1.2)
      streams (~> 0.1.2)

GEM
  remote: https://rubygems.org/
  specs:
    actionpack (3.2.13)
      activemodel (= 3.2.13)
      activesupport (= 3.2.13)
      builder (~> 3.0.0)
      erubis (~> 2.7.0)
      journey (~> 1.0.4)
      rack (~> 1.4.5)
      rack-cache (~> 1.2)
      rack-test (~> 0.6.1)
      sprockets (~> 2.2.1)
    activemodel (3.2.13)
      activesupport (= 3.2.13)
      builder (~> 3.0.0)
    activerecord (3.2.13)
      activemodel (= 3.2.13)
      activesupport (= 3.2.13)
      arel (~> 3.0.2)
      tzinfo (~> 0.3.29)
    activesupport (3.2.13)
      i18n (= 0.6.1)
      multi_json (~> 1.0)
    addressable (2.3.3)
    ansi (1.4.3)
    arel (3.0.2)
    builder (3.0.4)
    celluloid (0.12.4)
      facter (>= 1.6.12)
      timers (>= 1.0.0)
    climate_control (0.0.3)
      activesupport (>= 3.0)
    cocaine (0.5.1)
      climate_control (>= 0.0.3, < 1.0)
    coderay (1.0.9)
    csquares (0.1.0)
    edr (0.0.5)
      orm_adapter (~> 0.4.0)
    erubis (2.7.0)
    ethon (0.5.10)
      ffi (~> 1.3.0)
      mime-types (~> 1.18)
    facter (1.6.18)
    ffi (1.3.1)
    geocoder (1.1.6)
    geokit (1.6.5)
      multi_json
    hike (1.2.1)
    httparty (0.10.2)
      multi_json (~> 1.0)
      multi_xml (>= 0.5.2)
    i18n (0.6.1)
    journey (1.0.4)
    json (1.7.7)
    m (1.3.1)
      method_source (>= 0.6.7)
      rake (>= 0.9.2.2)
    method_source (0.8.1)
    mime-types (1.21)
    minitest (4.6.2)
    minitest-spec-context (0.0.3)
    multi_json (1.7.2)
    multi_xml (0.5.3)
    mysql2 (0.3.11)
    orm_adapter (0.4.0)
    pry (0.9.12)
      coderay (~> 1.0.5)
      method_source (~> 0.8)
      slop (~> 3.4)
    quimby (0.4.5)
      json
      typhoeus
    rack (1.4.5)
    rack-cache (1.2)
      rack (>= 0.4)
    rack-ssl (1.3.3)
      rack
    rack-test (0.6.2)
      rack (>= 1.0)
    railties (3.2.13)
      actionpack (= 3.2.13)
      activesupport (= 3.2.13)
      rack-ssl (~> 1.3.2)
      rake (>= 0.8.7)
      rdoc (~> 3.4)
      thor (>= 0.14.6, < 2.0)
    rake (10.0.3)
    rdoc (3.12.2)
      json (~> 1.4)
    redis (3.0.3)
    rgeo (0.3.20)
    rufus-mnemo (1.2.3)
    slop (3.4.3)
    sprockets (2.2.2)
      hike (~> 1.2)
      multi_json (~> 1.0)
      rack (~> 1.0)
      tilt (~> 1.1, != 1.3.0)
    standalone_migrations (2.0.6)
      activerecord (~> 3.2.13)
      railties (~> 3.2.13)
      rake
    streams (0.1.2)
    thor (0.18.0)
    tilt (1.3.6)
    timers (1.1.0)
    turn (0.9.6)
      ansi
    typhoeus (0.6.2)
      ethon (~> 0.5.10)
    tzinfo (0.3.37)

PLATFORMS
  ruby

DEPENDENCIES
  geohash!
  m (~> 1.3.1)
  minitest (~> 4.6.2)
  minitest-spec-context (~> 0.0.3)
  pry (~> 0.9.12)
  siblings!
  turn (~> 0.9.6)
